GEM
  remote: https://rubygems.org/
  specs:
    addressable (2.3.5)
    arr-pm (0.0.8)
      cabin (> 0)
    backports (3.3.3)
    cabin (0.6.1)
    childprocess (0.3.9)
      ffi (~> 1.0, >= 1.0.11)
    clamp (0.6.1)
    diff-lcs (1.2.5)
    facter (1.7.3)
    ffi (1.9.0)
    fpm (0.4.42)
      arr-pm (~> 0.0.8)
      backports (>= 2.6.2)
      cabin (>= 0.6.0)
      childprocess
      clamp (~> 0.6)
      ftw (~> 0.0.30)
      json (>= 1.7.7)
    ftw (0.0.34)
      addressable
      backports (>= 2.6.2)
      cabin (> 0)
      http_parser.rb (= 0.5.3)
    git (1.2.6)
    hiera (1.2.1)
      json_pure
    highline (1.6.20)
    http_parser.rb (0.5.3)
    json (1.8.1)
    json_pure (1.8.1)
    librarian (0.1.1)
      highline
      thor (~> 0.15)
    librarian-puppet-maestrodev (0.9.11.4)
      librarian (>= 0.1.1)
    maestro-plugin-rake-tasks (1.0.10)
      git
      json (>= 1.4.6)
      nokogiri
      rake (>= 0.9.2)
      rubyzip (>= 1.0.0)
    metaclass (0.0.1)
    mini_portile (0.5.1)
    mocha (0.14.0)
      metaclass (~> 0.0.1)
    nokogiri (1.6.0)
      mini_portile (~> 0.5.0)
    puppet (3.3.1)
      facter (~> 1.6)
      hiera (~> 1.0)
      rgen (~> 0.6.5)
    puppet-lint (0.3.2)
    puppetlabs_spec_helper (0.4.1)
      mocha (>= 0.10.5)
      rake
      rspec (>= 2.9.0)
      rspec-puppet (>= 0.1.1)
    rake (10.1.0)
    rgen (0.6.6)
    rspec (2.14.1)
      rspec-core (~> 2.14.0)
      rspec-expectations (~> 2.14.0)
      rspec-mocks (~> 2.14.0)
    rspec-core (2.14.7)
    rspec-expectations (2.14.4)
      diff-lcs (>= 1.1.3, < 2.0)
    rspec-mocks (2.14.4)
    rspec-puppet (1.0.1)
      rspec
    rubyzip (1.0.0)
    thor (0.18.1)

PLATFORMS
  ruby

DEPENDENCIES
  fpm
  librarian-puppet-maestrodev (>= 0.9.7.5)
  maestro-plugin-rake-tasks (>= 1.0.10)
  puppet (>= 3.1.0)
  puppet-lint
  puppetlabs_spec_helper
  rake (>= 0.9.2.2)
  rspec-puppet (>= 0.1.6)
