GEM
  remote: http://rubygems.org/
  specs:
    diff-lcs (1.1.3)
    facter (1.6.17)
    hiera (1.0.0)
    json (1.7.6)
    librarian-puppet-maestrodev (0.9.7.4)
      json
      puppet
      thor (~> 0.15)
    metaclass (0.0.1)
    mocha (0.12.7)
      metaclass (~> 0.0.1)
    puppet (3.0.2)
      facter (~> 1.6.11)
      hiera (~> 1.0.0)
    puppet-lint (0.1.13)
    puppetlabs_spec_helper (0.3.0)
      mocha (>= 0.10.5)
      rake
      rspec (>= 2.9.0)
      rspec-puppet (>= 0.1.1)
    rake (0.9.2.2)
    rspec (2.12.0)
      rspec-core (~> 2.12.0)
      rspec-expectations (~> 2.12.0)
      rspec-mocks (~> 2.12.0)
    rspec-core (2.12.0)
    rspec-expectations (2.12.0)
      diff-lcs (~> 1.1.3)
    rspec-mocks (2.12.0)
    rspec-puppet (0.1.5)
      rspec
    rspec-puppet-maestrodev (0.1.5.1)
      rspec
    thor (0.17.0)

PLATFORMS
  ruby

DEPENDENCIES
  librarian-puppet-maestrodev (>= 0.9.7.4)
  puppet (~> 3.0.0)
  puppet-lint (~> 0.1.12)
  puppetlabs_spec_helper (~> 0.3.0)
  rake (~> 0.9.2.2)
  rspec-puppet-maestrodev (>= 0.1.5.1)
