GEM
  remote: https://rubygems.org/
  specs:
    diff-lcs (1.2.2)
    facter (1.6.18)
    hiera (1.2.0)
      json_pure
    json (1.7.7)
    json_pure (1.7.7)
    librarian-puppet-maestrodev (0.9.7.5)
      json
      puppet
      thor (~> 0.15)
    metaclass (0.0.1)
    mocha (0.13.3)
      metaclass (~> 0.0.1)
    puppet (3.1.1)
      facter (~> 1.6)
      hiera (~> 1.0)
    puppet-lint (0.3.2)
    puppetlabs_spec_helper (0.4.1)
      mocha (>= 0.10.5)
      rake
      rspec (>= 2.9.0)
      rspec-puppet (>= 0.1.1)
    rake (10.0.4)
    rspec (2.13.0)
      rspec-core (~> 2.13.0)
      rspec-expectations (~> 2.13.0)
      rspec-mocks (~> 2.13.0)
    rspec-core (2.13.1)
    rspec-expectations (2.13.0)
      diff-lcs (>= 1.1.3, < 2.0)
    rspec-mocks (2.13.1)
    rspec-puppet (0.1.6)
      rspec
    thor (0.18.1)

PLATFORMS
  ruby

DEPENDENCIES
  librarian-puppet-maestrodev (>= 0.9.7.4)
  puppet (~> 3.1.0)
  puppet-lint
  puppetlabs_spec_helper
  rake (>= 0.9.2.2)
  rspec-puppet (>= 0.1.6)
